PATH
  remote: .
  specs:
    lnp_api_tools (0.1.0)

GEM
  remote: https://rubygems.org/
  specs:
    rake (12.3.3)

PLATFORMS
  ruby

DEPENDENCIES
  lnp_api_tools!
  rake (~> 12.0)

BUNDLED WITH
   2.1.4
